PATH
  remote: .
  specs:
    downshiftology_cli (0.1.0)

GEM
  remote: https://rubygems.org/
  specs:
    rake (12.3.3)
    word_wrap (1.0.0)

PLATFORMS
  ruby

DEPENDENCIES
  downshiftology_cli!
  rake (~> 12.0)
  word_wrap

BUNDLED WITH
   2.1.4
